PATH
  remote: .
  specs:
    bin (0.7.1)
      activesupport (>= 3.0.0, < 3.2.0)
      mongo (>= 1.3.0, < 1.7.0)

GEM
  remote: http://rubygems.org/
  specs:
    SystemTimer (1.2.1)
    activesupport (3.1.4)
      multi_json (~> 1.0)
    bson (1.6.1)
    bson_ext (1.6.1)
      bson (~> 1.6.1)
    diff-lcs (1.1.3)
    i18n (0.6.0)
    log_buddy (0.6.0)
    mongo (1.6.1)
      bson (~> 1.6.1)
    multi_json (1.1.0)
    rake (0.9.2)
    rspec (2.6.0)
      rspec-core (~> 2.6.0)
      rspec-expectations (~> 2.6.0)
      rspec-mocks (~> 2.6.0)
    rspec-core (2.6.4)
    rspec-expectations (2.6.0)
      diff-lcs (~> 1.1.2)
    rspec-mocks (2.6.0)

PLATFORMS
  ruby

DEPENDENCIES
  SystemTimer
  bin!
  bson_ext
  i18n
  log_buddy
  rake
  rspec
